PATH
  remote: .
  specs:
    cashramp_sdk_ruby (0.1.0)

GEM
  remote: https://rubygems.org/
  specs:
    addressable (2.8.7)
      public_suffix (>= 2.0.2, < 7.0)
    bigdecimal (3.1.9)
    crack (1.0.0)
      bigdecimal
      rexml
    csv (3.3.3)
    diff-lcs (1.6.1)
    hashdiff (1.1.2)
    httparty (0.21.0)
      mini_mime (>= 1.0.0)
      multi_xml (>= 0.5.2)
    mini_mime (1.1.5)
    multi_xml (0.7.1)
      bigdecimal (~> 3.1)
    public_suffix (6.0.1)
    rake (13.2.1)
    rexml (3.4.1)
    rspec (3.13.0)
      rspec-core (~> 3.13.0)
      rspec-expectations (~> 3.13.0)
      rspec-mocks (~> 3.13.0)
    rspec-core (3.13.3)
      rspec-support (~> 3.13.0)
    rspec-expectations (3.13.3)
      diff-lcs (>= 1.2.0, < 2.0)
      rspec-support (~> 3.13.0)
    rspec-mocks (3.13.2)
      diff-lcs (>= 1.2.0, < 2.0)
      rspec-support (~> 3.13.0)
    rspec-support (3.13.2)
    webmock (3.25.1)
      addressable (>= 2.8.0)
      crack (>= 0.3.2)
      hashdiff (>= 0.4.0, < 2.0.0)

PLATFORMS
  arm64-darwin-24
  x86_64-linux

DEPENDENCIES
  cashramp_sdk_ruby!
  csv
  httparty (~> 0.21.0)
  rake (~> 13.0)
  rspec (~> 3.0)
  webmock

BUNDLED WITH
   2.6.2
