PATH
  remote: .
  specs:
    cashramp_sdk_ruby (0.1.0)

GEM
  remote: https://rubygems.org/
  specs:
    bigdecimal (3.1.9)
    diff-lcs (1.6.1)
    httparty (0.21.0)
      mini_mime (>= 1.0.0)
      multi_xml (>= 0.5.2)
    mini_mime (1.1.5)
    multi_xml (0.7.1)
      bigdecimal (~> 3.1)
    rake (13.2.1)
    rspec (3.13.0)
      rspec-core (~> 3.13.0)
      rspec-expectations (~> 3.13.0)
      rspec-mocks (~> 3.13.0)
    rspec-core (3.13.3)
      rspec-support (~> 3.13.0)
    rspec-expectations (3.13.3)
      diff-lcs (>= 1.2.0, < 2.0)
      rspec-support (~> 3.13.0)
    rspec-mocks (3.13.2)
      diff-lcs (>= 1.2.0, < 2.0)
      rspec-support (~> 3.13.0)
    rspec-support (3.13.2)

PLATFORMS
  arm64-darwin-24

DEPENDENCIES
  cashramp_sdk_ruby!
  httparty (~> 0.21.0)
  rake (~> 13.0)
  rspec (~> 3.0)

BUNDLED WITH
   2.6.2
